PATH
  remote: .
  specs:
    mockdata (1.0.4)

GEM
  remote: https://rubygems.org/
  specs:
    rake (13.0.1)

PLATFORMS
  ruby

DEPENDENCIES
  bundler (~> 2)
  mockdata!
  rake (~> 13)

BUNDLED WITH
   2.1.4
